PATH
  remote: .
  specs:
    time_log_robot (0.1.0)
      commander (~> 4.1.6)
      httparty (~> 0.13.0)
      json (~> 1.8.1)

GEM
  remote: https://rubygems.org/
  specs:
    coderay (1.1.0)
    commander (4.1.6)
      highline (~> 1.6.11)
    highline (1.6.21)
    httparty (0.13.3)
      json (~> 1.8)
      multi_xml (>= 0.5.2)
    json (1.8.3)
    method_source (0.8.2)
    multi_xml (0.5.5)
    pry (0.10.3)
      coderay (~> 1.1.0)
      method_source (~> 0.8.1)
      slop (~> 3.4)
    rake (10.5.0)
    slop (3.6.0)

PLATFORMS
  ruby

DEPENDENCIES
  bundler (~> 1.3)
  pry
  rake
  time_log_robot!

BUNDLED WITH
   1.11.2
